PATH
  remote: .
  specs:
    protos-gem (0.0.0)
      google-protobuf
      require_all

GEM
  remote: https://rubygems.org/
  specs:
    google-protobuf (3.12.2)
    require_all (3.0.0)

PLATFORMS
  ruby

DEPENDENCIES
  protos-gem!

BUNDLED WITH
   2.0.1
